GEM
  remote: https://rubygems.org/
  specs:
    pg (1.3.5)

PLATFORMS
  x86_64-darwin-21
  x86_64-linux

DEPENDENCIES
  pg (~> 1.3)

BUNDLED WITH
   2.2.32
